GEM
  remote: https://rubygems.org/
  specs:
    minitest (5.11.3)
    mustermann (1.0.2)
    pg (1.0.0)
    rack (2.0.5)
    rack-protection (2.0.3)
      rack
    sinatra (2.0.3)
      mustermann (~> 1.0)
      rack (~> 2.0)
      rack-protection (= 2.0.3)
      tilt (~> 2.0)
    tilt (2.0.8)

PLATFORMS
  ruby

DEPENDENCIES
  minitest
  pg
  sinatra

RUBY VERSION
   ruby 2.4.0p0

BUNDLED WITH
   1.16.2
